GIT
  remote: git://github.com/intridea/hashie.git
  revision: f42367e30e6a868ce117b143729b02d5f2c0a279
  specs:
    hashie (3.3.3)

GIT
  remote: git://github.com/phusion/sshkit.git
  revision: 0b599046941f50001361933cfd4db3158e0c5875
  branch: pomodori
  specs:
    sshkit (1.6.1)
      colorize (>= 0.7.0)
      net-scp (>= 1.1.2)
      net-ssh (>= 2.8.0)

PATH
  remote: .
  specs:
    pomodori (0.1.0)
      capistrano (~> 3.3)
      capistrano-bundler
      capistrano-npm
      capistrano-nvm
      capistrano-rails
      capistrano-rvm
      hashie (~> 3.3)
      json
      paint

GEM
  remote: https://rubygems.org/
  specs:
    capistrano (3.3.5)
      capistrano-stats (~> 1.1.0)
      i18n
      rake (>= 10.0.0)
      sshkit (~> 1.3)
    capistrano-bundler (1.1.3)
      capistrano (~> 3.1)
      sshkit (~> 1.2)
    capistrano-npm (1.0.1)
      capistrano (>= 3.0.0)
    capistrano-nvm (0.0.4)
      capistrano (~> 3.1)
    capistrano-rails (1.1.2)
      capistrano (~> 3.1)
      capistrano-bundler (~> 1.1)
    capistrano-rvm (0.1.2)
      capistrano (~> 3.0)
      sshkit (~> 1.2)
    capistrano-stats (1.1.1)
    colorize (0.7.5)
    i18n (0.7.0)
    json (1.8.1)
    net-scp (1.2.1)
      net-ssh (>= 2.6.5)
    net-ssh (2.9.1)
    paint (0.9.0)
    rake (10.4.2)

PLATFORMS
  ruby

DEPENDENCIES
  hashie!
  pomodori!
  rake
  sshkit!
